GEM
  remote: http://rubygems.org/
  specs:
    abstract (1.0.0)
    activesupport (3.0.0)
    archive-tar-minitar (0.5.2)
    aruba (0.2.1)
    builder (2.1.2)
    columnize (0.3.1)
    cucumber (0.8.5)
      builder (~> 2.1.2)
      diff-lcs (~> 1.1.2)
      gherkin (~> 2.1.4)
      json_pure (~> 1.4.3)
      term-ansicolor (~> 1.0.4)
    diff-lcs (1.1.2)
    erubis (2.6.6)
      abstract (>= 1.0.0)
    gherkin (2.1.5)
      trollop (~> 1.16.2)
    json_pure (1.4.6)
    linecache19 (0.5.11)
      ruby_core_source (>= 0.1.4)
    liquid (2.2.2)
    ruby-debug-base19 (0.11.24)
      columnize (>= 0.3.1)
      linecache19 (>= 0.5.11)
      ruby_core_source (>= 0.1.4)
    ruby-debug19 (0.11.6)
      columnize (>= 0.3.1)
      linecache19 (>= 0.5.11)
      ruby-debug-base19 (>= 0.11.19)
    ruby_core_source (0.1.4)
      archive-tar-minitar (>= 0.5.2)
    term-ansicolor (1.0.5)
    thor (0.14.0)
    tilt (1.1)
    trollop (1.16.2)

PLATFORMS
  ruby

DEPENDENCIES
  activesupport
  aruba
  cucumber (= 0.8.5)
  erubis
  liquid
  ruby-debug19 (= 0.11.6)
  thor
  tilt
